GEM
  remote: http://rubygems.org/
  specs:
    decc_2050_model (0.0.8)
      ffi (>= 1.0.11)
    ffi (1.0.11)

PLATFORMS
  ruby

DEPENDENCIES
  decc_2050_model
