GEM
  remote: http://rubygems.org/
  specs:
    decc_2050_model (3.4.7)
      ffi (>= 1.0.11)
    ffi (1.6.0)

PLATFORMS
  ruby

DEPENDENCIES
  decc_2050_model
