GEM
  remote: http://rubygems.org/
  specs:
    decc_2050_model (3.5.0)
      ffi (>= 1.0.11)
    ffi (1.9.3)

PLATFORMS
  ruby

DEPENDENCIES
  decc_2050_model
